PATH
  remote: .
  specs:
    multimarkdown-cli (0.0.1)

GEM
  remote: https://rubygems.org/
  specs:
    rake (10.1.1)
    tilt (1.4.1)

PLATFORMS
  ruby

DEPENDENCIES
  bundler (~> 1.3)
  multimarkdown-cli!
  rake
  tilt
