PATH
  remote: .
  specs:
    multimarkdown (0.0.1)

GEM
  remote: https://rubygems.org/
  specs:
    ZenTest (4.9.5)
    rake (10.1.1)

PLATFORMS
  ruby

DEPENDENCIES
  ZenTest
  bundler (~> 1.3)
  multimarkdown!
  rake
